GEM
  remote: https://rubygems.org/
  specs:
    addressable (2.7.0)
      public_suffix (>= 2.0.2, < 5.0)
    ast (2.4.1)
    boxr (1.14.0)
      addressable (~> 2.3)
      hashie (~> 3.5)
      httpclient (~> 2.8)
      jwt (>= 1.4)
    coderay (1.1.3)
    dotenv (2.7.5)
    hashie (3.6.0)
    httpclient (2.8.3)
    jwt (2.2.1)
    method_source (1.0.0)
    mysql2 (0.5.2)
    parallel (1.19.1)
    parser (2.7.1.3)
      ast (~> 2.4.0)
    pry (0.13.1)
      coderay (~> 1.1)
      method_source (~> 1.0)
    public_suffix (4.0.5)
    rainbow (3.0.0)
    regexp_parser (1.7.1)
    rexml (3.2.8)
      strscan (>= 3.0.9)
    rubocop (0.85.1)
      parallel (~> 1.10)
      parser (>= 2.7.0.1)
      rainbow (>= 2.2.2, < 4.0)
      regexp_parser (>= 1.7)
      rexml
      rubocop-ast (>= 0.0.3)
      ruby-progressbar (~> 1.7)
      unicode-display_width (>= 1.4.0, < 2.0)
    rubocop-ast (0.0.3)
      parser (>= 2.7.0.1)
    ruby-progressbar (1.10.1)
    strscan (3.1.0)
    unicode-display_width (1.7.0)

PLATFORMS
  ruby

DEPENDENCIES
  boxr
  dotenv (~> 2.7, >= 2.7.5)
  mysql2 (= 0.5.2)
  pry
  rubocop

RUBY VERSION
   ruby 2.5.8p224

BUNDLED WITH
   2.1.4
